PATH
  remote: .
  specs:
    uri-whatwg_parser (0.1.5)
      uri (>= 1.0.0)
      uri-idna

GEM
  remote: https://rubygems.org/
  specs:
    benchmark-ips (2.14.0)
    date (3.4.1)
    debug (1.11.0)
      irb (~> 1.10)
      reline (>= 0.3.8)
    docile (1.4.1)
    erb (5.1.1)
    io-console (0.8.1)
    irb (1.15.2)
      pp (>= 0.6.0)
      rdoc (>= 4.0.0)
      reline (>= 0.4.2)
    memory_profiler (1.1.0)
    power_assert (2.0.5)
    pp (0.6.3)
      prettyprint
    prettyprint (0.2.0)
    psych (5.2.6)
      date
      stringio
    rake (13.3.0)
    rdoc (6.15.0)
      erb
      psych (>= 4.0.0)
      tsort
    reline (0.6.2)
      io-console (~> 0.5)
    simplecov (0.22.0)
      docile (~> 1.1)
      simplecov-html (~> 0.11)
      simplecov_json_formatter (~> 0.1)
    simplecov-html (0.13.2)
    simplecov_json_formatter (0.1.4)
    stringio (3.1.7)
    test-unit (3.7.0)
      power_assert
    tsort (0.2.0)
    uri (1.0.4)
    uri-idna (0.3.1)

PLATFORMS
  ruby
  x86_64-linux

DEPENDENCIES
  benchmark-ips
  debug
  irb
  memory_profiler
  rake (~> 13.0)
  simplecov
  test-unit
  uri-whatwg_parser!

BUNDLED WITH
   2.6.2
