PATH
  remote: .
  specs:
    uri-whatwg_parser (0.1.1)
      strscan
      uri
      uri-idna

GEM
  remote: https://rubygems.org/
  specs:
    date (3.4.1)
    debug (1.10.0)
      irb (~> 1.10)
      reline (>= 0.3.8)
    io-console (0.8.0)
    irb (1.15.2)
      pp (>= 0.6.0)
      rdoc (>= 4.0.0)
      reline (>= 0.4.2)
    power_assert (2.0.5)
    pp (0.6.2)
      prettyprint
    prettyprint (0.2.0)
    psych (5.2.5)
      date
      stringio
    rake (13.2.1)
    rdoc (6.13.1)
      psych (>= 4.0.0)
    reline (0.6.1)
      io-console (~> 0.5)
    stringio (3.1.7)
    strscan (3.1.5)
    test-unit (3.6.8)
      power_assert
    uri (1.0.3)
    uri-idna (0.3.0)

PLATFORMS
  ruby
  x86_64-linux

DEPENDENCIES
  debug
  irb
  rake (~> 13.0)
  test-unit
  uri-whatwg_parser!

BUNDLED WITH
   2.6.2
